GEM
  remote: https://rubygems.org/
  specs:
    aws-sdk (2.4.0)
      aws-sdk-resources (= 2.4.0)
    aws-sdk-core (2.4.0)
      jmespath (~> 1.0)
    aws-sdk-resources (2.4.0)
      aws-sdk-core (= 2.4.0)
    jmespath (1.3.1)
    net-scp (1.2.1)
      net-ssh (>= 2.6.5)
    net-ssh (3.2.0)
    net-ssh-gateway (1.2.0)
      net-ssh (>= 2.6.5)
    net-ssh-multi (1.2.1)
      net-ssh (>= 2.6.5)
      net-ssh-gateway (>= 1.2.0)
    ruby-progressbar (1.8.1)

PLATFORMS
  ruby

DEPENDENCIES
  aws-sdk (~> 2)
  net-scp (= 1.2.1)
  net-ssh-multi (= 1.2.1)
  ruby-progressbar (= 1.8.1)

BUNDLED WITH
   1.12.5
